GEM
  remote: https://rubygems.org/
  specs:
    dotenv (3.1.7)
    rainbow (3.1.1)

PLATFORMS
  ruby
  x86_64-linux

DEPENDENCIES
  dotenv
  rainbow

BUNDLED WITH
   2.6.2
